GEM
  remote: https://rubygems.org/
  specs:
    actioncable (7.0.8.1)
      actionpack (= 7.0.8.1)
      activesupport (= 7.0.8.1)
      nio4r (~> 2.0)
      websocket-driver (>= 0.6.1)
    actionmailbox (7.0.8.1)
      actionpack (= 7.0.8.1)
      activejob (= 7.0.8.1)
      activerecord (= 7.0.8.1)
      activestorage (= 7.0.8.1)
      activesupport (= 7.0.8.1)
      mail (>= 2.7.1)
      net-imap
      net-pop
      net-smtp
    actionmailer (7.0.8.1)
      actionpack (= 7.0.8.1)
      actionview (= 7.0.8.1)
      activejob (= 7.0.8.1)
      activesupport (= 7.0.8.1)
      mail (~> 2.5, >= 2.5.4)
      net-imap
      net-pop
      net-smtp
      rails-dom-testing (~> 2.0)
    actionpack (7.0.8.1)
      actionview (= 7.0.8.1)
      activesupport (= 7.0.8.1)
      rack (~> 2.0, >= 2.2.4)
      rack-test (>= 0.6.3)
      rails-dom-testing (~> 2.0)
      rails-html-sanitizer (~> 1.0, >= 1.2.0)
    actiontext (7.0.8.1)
      actionpack (= 7.0.8.1)
      activerecord (= 7.0.8.1)
      activestorage (= 7.0.8.1)
      activesupport (= 7.0.8.1)
      globalid (>= 0.6.0)
      nokogiri (>= 1.8.5)
    actionview (7.0.8.1)
      activesupport (= 7.0.8.1)
      builder (~> 3.1)
      erubi (~> 1.4)
      rails-dom-testing (~> 2.0)
      rails-html-sanitizer (~> 1.1, >= 1.2.0)
    activejob (7.0.8.1)
      activesupport (= 7.0.8.1)
      globalid (>= 0.3.6)
    activemodel (7.0.8.1)
      activesupport (= 7.0.8.1)
    activerecord (7.0.8.1)
      activemodel (= 7.0.8.1)
      activesupport (= 7.0.8.1)
    activestorage (7.0.8.1)
      actionpack (= 7.0.8.1)
      activejob (= 7.0.8.1)
      activerecord (= 7.0.8.1)
      activesupport (= 7.0.8.1)
      marcel (~> 1.0)
      mini_mime (>= 1.1.0)
    activesupport (7.0.8.1)
      concurrent-ruby (~> 1.0, >= 1.0.2)
      i18n (>= 1.6, < 2)
      minitest (>= 5.1)
      tzinfo (~> 2.0)
    addressable (2.8.6)
      public_suffix (>= 2.0.2, < 6.0)
    base64 (0.2.0)
    bootsnap (1.18.3)
      msgpack (~> 1.2)
    builder (3.2.4)
    concurrent-ruby (1.2.3)
    crass (1.0.6)
    date (3.3.4)
    diff-lcs (1.5.1)
    erubi (1.12.0)
    faraday (1.10.3)
      faraday-em_http (~> 1.0)
      faraday-em_synchrony (~> 1.0)
      faraday-excon (~> 1.1)
      faraday-httpclient (~> 1.0)
      faraday-multipart (~> 1.0)
      faraday-net_http (~> 1.0)
      faraday-net_http_persistent (~> 1.0)
      faraday-patron (~> 1.0)
      faraday-rack (~> 1.0)
      faraday-retry (~> 1.0)
      ruby2_keywords (>= 0.0.4)
    faraday-em_http (1.0.0)
    faraday-em_synchrony (1.0.0)
    faraday-excon (1.1.0)
    faraday-httpclient (1.0.1)
    faraday-multipart (1.0.4)
      multipart-post (~> 2)
    faraday-net_http (1.0.1)
    faraday-net_http_persistent (1.2.0)
    faraday-patron (1.0.0)
    faraday-rack (1.0.0)
    faraday-retry (1.0.3)
    gapic-common (0.21.1)
      faraday (>= 1.9, < 3.a)
      faraday-retry (>= 1.0, < 3.a)
      google-protobuf (~> 3.18)
      googleapis-common-protos (>= 1.4.0, < 2.a)
      googleapis-common-protos-types (>= 1.11.0, < 2.a)
      googleauth (~> 1.9)
      grpc (~> 1.59)
    globalid (1.2.1)
      activesupport (>= 6.1)
    google-cloud-core (1.7.0)
      google-cloud-env (>= 1.0, < 3.a)
      google-cloud-errors (~> 1.0)
    google-cloud-env (2.1.1)
      faraday (>= 1.0, < 3.a)
    google-cloud-errors (1.4.0)
    google-cloud-translate (3.6.0)
      google-cloud-core (~> 1.6)
      google-cloud-translate-v2 (>= 0.0, < 2.a)
      google-cloud-translate-v3 (>= 0.11, < 2.a)
    google-cloud-translate-v2 (0.5.0)
      faraday (>= 0.17.3, < 2.a)
      google-cloud-core (~> 1.6)
      googleapis-common-protos (>= 1.3.10, < 2.a)
      googleapis-common-protos-types (>= 1.0.5, < 2.a)
      googleauth (>= 0.16.2, < 2.a)
    google-cloud-translate-v3 (0.12.0)
      gapic-common (>= 0.21.1, < 2.a)
      google-cloud-errors (~> 1.0)
    google-protobuf (3.25.3)
    google-protobuf (3.25.3-aarch64-linux)
    google-protobuf (3.25.3-arm64-darwin)
    google-protobuf (3.25.3-x86-linux)
    google-protobuf (3.25.3-x86_64-darwin)
    google-protobuf (3.25.3-x86_64-linux)
    googleapis-common-protos (1.5.0)
      google-protobuf (~> 3.18)
      googleapis-common-protos-types (~> 1.7)
      grpc (~> 1.41)
    googleapis-common-protos-types (1.14.0)
      google-protobuf (~> 3.18)
    googleauth (1.11.0)
      faraday (>= 1.0, < 3.a)
      google-cloud-env (~> 2.1)
      jwt (>= 1.4, < 3.0)
      multi_json (~> 1.11)
      os (>= 0.9, < 2.0)
      signet (>= 0.16, < 2.a)
    grpc (1.62.0)
      google-protobuf (~> 3.25)
      googleapis-common-protos-types (~> 1.0)
    grpc (1.62.0-aarch64-linux)
      google-protobuf (~> 3.25)
      googleapis-common-protos-types (~> 1.0)
    grpc (1.62.0-arm64-darwin)
      google-protobuf (~> 3.25)
      googleapis-common-protos-types (~> 1.0)
    grpc (1.62.0-x86-linux)
      google-protobuf (~> 3.25)
      googleapis-common-protos-types (~> 1.0)
    grpc (1.62.0-x86_64-darwin)
      google-protobuf (~> 3.25)
      googleapis-common-protos-types (~> 1.0)
    grpc (1.62.0-x86_64-linux)
      google-protobuf (~> 3.25)
      googleapis-common-protos-types (~> 1.0)
    httparty (0.21.0)
      mini_mime (>= 1.0.0)
      multi_xml (>= 0.5.2)
    i18n (1.14.4)
      concurrent-ruby (~> 1.0)
    jwt (2.8.1)
      base64
    loofah (2.22.0)
      crass (~> 1.0.2)
      nokogiri (>= 1.12.0)
    mail (2.8.1)
      mini_mime (>= 0.1.1)
      net-imap
      net-pop
      net-smtp
    marcel (1.0.4)
    method_source (1.0.0)
    mini_mime (1.1.5)
    minitest (5.22.3)
    msgpack (1.7.2)
    multi_json (1.15.0)
    multi_xml (0.6.0)
    multipart-post (2.4.0)
    mysql2 (0.5.6)
    net-imap (0.4.10)
      date
      net-protocol
    net-pop (0.1.2)
      net-protocol
    net-protocol (0.2.2)
      timeout
    net-smtp (0.4.0.1)
      net-protocol
    nio4r (2.7.1)
    nokogiri (1.16.3-aarch64-linux)
      racc (~> 1.4)
    nokogiri (1.16.3-arm-linux)
      racc (~> 1.4)
    nokogiri (1.16.3-arm64-darwin)
      racc (~> 1.4)
    nokogiri (1.16.3-x86-linux)
      racc (~> 1.4)
    nokogiri (1.16.3-x86_64-darwin)
      racc (~> 1.4)
    nokogiri (1.16.3-x86_64-linux)
      racc (~> 1.4)
    os (1.1.4)
    public_suffix (5.0.4)
    puma (5.6.8)
      nio4r (~> 2.0)
    racc (1.7.3)
    rack (2.2.9)
    rack-test (2.1.0)
      rack (>= 1.3)
    rails (7.0.8.1)
      actioncable (= 7.0.8.1)
      actionmailbox (= 7.0.8.1)
      actionmailer (= 7.0.8.1)
      actionpack (= 7.0.8.1)
      actiontext (= 7.0.8.1)
      actionview (= 7.0.8.1)
      activejob (= 7.0.8.1)
      activemodel (= 7.0.8.1)
      activerecord (= 7.0.8.1)
      activestorage (= 7.0.8.1)
      activesupport (= 7.0.8.1)
      bundler (>= 1.15.0)
      railties (= 7.0.8.1)
    rails-dom-testing (2.2.0)
      activesupport (>= 5.0.0)
      minitest
      nokogiri (>= 1.6)
    rails-html-sanitizer (1.6.0)
      loofah (~> 2.21)
      nokogiri (~> 1.14)
    railties (7.0.8.1)
      actionpack (= 7.0.8.1)
      activesupport (= 7.0.8.1)
      method_source
      rake (>= 12.2)
      thor (~> 1.0)
      zeitwerk (~> 2.5)
    rake (13.1.0)
    redis (4.8.1)
    rspec (3.13.0)
      rspec-core (~> 3.13.0)
      rspec-expectations (~> 3.13.0)
      rspec-mocks (~> 3.13.0)
    rspec-core (3.13.0)
      rspec-support (~> 3.13.0)
    rspec-expectations (3.13.0)
      diff-lcs (>= 1.2.0, < 2.0)
      rspec-support (~> 3.13.0)
    rspec-mocks (3.13.0)
      diff-lcs (>= 1.2.0, < 2.0)
      rspec-support (~> 3.13.0)
    rspec-support (3.13.1)
    ruby2_keywords (0.0.5)
    signet (0.19.0)
      addressable (~> 2.8)
      faraday (>= 0.17.5, < 3.a)
      jwt (>= 1.5, < 3.0)
      multi_json (~> 1.10)
    thor (1.3.1)
    timeout (0.4.1)
    tzinfo (2.0.6)
      concurrent-ruby (~> 1.0)
    websocket-driver (0.7.6)
      websocket-extensions (>= 0.1.0)
    websocket-extensions (0.1.5)
    zeitwerk (2.6.13)

PLATFORMS
  aarch64-linux
  arm-linux
  arm64-darwin
  x86-linux
  x86_64-darwin
  x86_64-linux

DEPENDENCIES
  bootsnap
  google-cloud-translate
  httparty
  mysql2 (~> 0.5)
  puma (~> 5.0)
  rails (~> 7.0.8, >= 7.0.8.1)
  redis (~> 4.0)
  rspec
  tzinfo-data

RUBY VERSION
   ruby 3.2.2p53

BUNDLED WITH
   2.5.6
